{
    "Modality": "MR",
    "MagneticFieldStrength": 3,
    "ImagingFrequency": 123.260128,
    "Manufacturer": "Siemens",
    "ManufacturersModelName": "Prisma",
    "InstitutionName": "IDM_Hemholtz",
    "InstitutionalDepartmentName": "Department",
    "InstitutionAddress": "Geissweg 3,Tuebingen,District,DE,72076",
    "DeviceSerialNumber": "66038",
    "StationName": "AWP66038",
    "BodyPartExamined": "HEAD",
    "PatientPosition": "HFS",
    "ProcedureStepDescription": "MedPsych^NASAL_Intervention_1.Messtag",
    "SoftwareVersions": "syngo MR E11",
    "MRAcquisitionType": "2D",
    "SeriesDescription": "Rest_ep2d_bold_s4_2p5mm",
    "ProtocolName": "Rest_ep2d_bold_s4_2p5mm",
    "ScanningSequence": "EP",
    "SequenceVariant": "SK",
    "ScanOptions": "FS",
    "SequenceName": "*epfid2d1_82",
    "ImageType": [
        "ORIGINAL",
        "PRIMARY",
        "M",
        "ND",
        "NORM",
        "MOSAIC"
    ],
    "NonlinearGradientCorrection": false,
    "SeriesNumber": 15,
    "AcquisitionTime": "09:50:48.272500",
    "AcquisitionNumber": 1,
    "SliceThickness": 2.5,
    "SpacingBetweenSlices": 2.5,
    "SAR": 0.0569466,
    "EchoTime": 0.034,
    "RepetitionTime": 1.18,
    "FlipAngle": 65,
    "PartialFourier": 1,
    "BaseResolution": 82,
    "ShimSetting": [
        -1896,
        -11579,
        623,
        187,
        -96,
        -118,
        139,
        122
    ],
    "TxRefAmp": 233.509,
    "PhaseResolution": 1,
    "ReceiveCoilName": "HeadNeck_20",
    "ReceiveCoilActiveElements": "HE1-4;NE1,2",
    "PulseSequenceDetails": "%SiemensSeq%\\ep2d_bold",
    "RefLinesPE": 32,
    "CoilCombinationMethod": "Adaptive Combine",
    "ConsistencyInfo": "N4_VE11E_LATEST_20181129",
    "MultibandAccelerationFactor": 4,
    "PercentPhaseFOV": 100,
    "PercentSampling": 100,
    "EchoTrainLength": 82,
    "PhaseEncodingSteps": 82,
    "AcquisitionMatrixPE": 82,
    "ReconMatrixPE": 82,
    "BandwidthPerPixelPhaseEncode": 18.762,
    "EffectiveEchoSpacing": 0.000649991,
    "DerivedVendorReportedEchoSpacing": 0.000649991,
    "TotalReadoutTime": 0.0526492,
    "PixelBandwidth": 1850,
    "DwellTime": 3.3e-06,
    "PhaseEncodingDirection": "j-",
    "SliceTiming": [
        0.5425,
        0,
        0.62,
        0.0775,
        0.6975,
        0.155,
        0.775,
        0.2325,
        0.8525,
        0.31,
        0.93,
        0.3875,
        1.0075,
        0.465,
        1.085,
        0.5425,
        0,
        0.62,
        0.0775,
        0.6975,
        0.155,
        0.775,
        0.2325,
        0.8525,
        0.31,
        0.93,
        0.3875,
        1.0075,
        0.465,
        1.085,
        0.5425,
        0,
        0.62,
        0.0775,
        0.6975,
        0.155,
        0.775,
        0.2325,
        0.8525,
        0.31,
        0.93,
        0.3875,
        1.0075,
        0.465,
        1.085,
        0.5425,
        0,
        0.62,
        0.0775,
        0.6975,
        0.155,
        0.775,
        0.2325,
        0.8525,
        0.31,
        0.93,
        0.3875,
        1.0075,
        0.465,
        1.085
    ],
    "ImageOrientationPatientDICOM": [
        0.999069,
        0.0386171,
        -0.0192143,
        -0.0322698,
        0.964771,
        0.261104
    ],
    "ImageOrientationText": "Tra>Cor(15.1)>Sag(-1.6)",
    "InPlanePhaseEncodingDirectionDICOM": "COL",
    "BidsGuess": [
        "func",
        "_acq-epfid2m4_dir-AP_run-15_bold"
    ],
    "ConversionSoftware": "dcm2niix",
    "ConversionSoftwareVersion": "v1.0.20240202",
    "Dcm2bidsVersion": "3.2.0",
    "TaskName": "rest"
}