{
    "Modality": "MR",
    "MagneticFieldStrength": 3,
    "ImagingFrequency": 123.260332,
    "Manufacturer": "Siemens",
    "ManufacturersModelName": "Prisma",
    "InstitutionName": "IDM_Hemholtz",
    "InstitutionalDepartmentName": "Department",
    "InstitutionAddress": "Geissweg 3,Tuebingen,District,DE,72076",
    "DeviceSerialNumber": "66038",
    "StationName": "AWP66038",
    "BodyPartExamined": "BRAIN",
    "PatientPosition": "HFS",
    "ProcedureStepDescription": "MedPsych^NASAL_Intervention_1.Messtag",
    "SoftwareVersions": "syngo MR E11",
    "MRAcquisitionType": "3D",
    "SeriesDescription": "MPRAGE_grappa2",
    "ProtocolName": "T1w",
    "ScanningSequence": "GR\\IR",
    "SequenceVariant": "SK\\SP\\MP",
    "ScanOptions": "IR",
    "SequenceName": "*tfl3d1_16ns",
    "ImageType": [
        "ORIGINAL",
        "PRIMARY",
        "M",
        "ND",
        "NORM"
    ],
    "NonlinearGradientCorrection": false,
    "SeriesNumber": 10,
    "AcquisitionTime": "08:33:37.177500",
    "AcquisitionNumber": 1,
    "ImageComments": "Image quality: high",
    "SliceThickness": 1,
    "SAR": 0.056019,
    "EchoTime": 0.00298,
    "RepetitionTime": 2.3,
    "SpoilingState": true,
    "InversionTime": 0.9,
    "FlipAngle": 9,
    "PartialFourier": 1,
    "BaseResolution": 256,
    "ShimSetting": [
        -1901,
        -11557,
        599,
        33,
        -122,
        -389,
        152,
        113
    ],
    "TxRefAmp": 241.728,
    "PhaseResolution": 1,
    "ReceiveCoilName": "HeadNeck_20",
    "ReceiveCoilActiveElements": "HE1-4",
    "PulseSequenceDetails": "%SiemensSeq%\\tfl",
    "RefLinesPE": 32,
    "CoilCombinationMethod": "Adaptive Combine",
    "ConsistencyInfo": "N4_VE11C_LATEST_20160120",
    "MatrixCoilMode": "GRAPPA",
    "PercentPhaseFOV": 100,
    "PercentSampling": 100,
    "PhaseEncodingSteps": 255,
    "AcquisitionMatrixPE": 256,
    "ReconMatrixPE": 256,
    "ParallelReductionFactorInPlane": 2,
    "PixelBandwidth": 240,
    "DwellTime": 8.2e-06,
    "ImageOrientationPatientDICOM": [
        -0.000875035,
        0.96058,
        0.278003,
        0.0338756,
        0.277872,
        -0.96002
    ],
    "ImageOrientationText": "Sag>Tra(-1.9)>Cor(0.5)",
    "InPlanePhaseEncodingDirectionDICOM": "ROW",
    "BidsGuess": [
        "anat",
        "_acq-tfl3p2_run-10_T1w"
    ],
    "ConversionSoftware": "dcm2niix",
    "ConversionSoftwareVersion": "v1.0.20240202",
    "Dcm2bidsVersion": "3.2.0"
}