{
    "Modality": "MR",
    "MagneticFieldStrength": 3,
    "ImagingFrequency": 123.260269,
    "Manufacturer": "Siemens",
    "ManufacturersModelName": "Prisma",
    "InstitutionName": "IDM_Hemholtz",
    "InstitutionalDepartmentName": "Department",
    "InstitutionAddress": "Geissweg 3,Tuebingen,District,DE,72076",
    "DeviceSerialNumber": "66038",
    "StationName": "AWP66038",
    "BodyPartExamined": "HEAD",
    "PatientPosition": "HFS",
    "ProcedureStepDescription": "MedPsych^NASAL_Intervention_1.Messtag",
    "SoftwareVersions": "syngo MR E11",
    "MRAcquisitionType": "2D",
    "SeriesDescription": "Food1_ep2d_bold_s4_2p5mm",
    "ProtocolName": "Food1_ep2d_bold_s4_2p5mm",
    "ScanningSequence": "EP",
    "SequenceVariant": "SK",
    "ScanOptions": "FS",
    "SequenceName": "*epfid2d1_82",
    "ImageType": [
        "ORIGINAL",
        "PRIMARY",
        "M",
        "ND",
        "NORM",
        "MOSAIC"
    ],
    "NonlinearGradientCorrection": false,
    "SeriesNumber": 16,
    "AcquisitionTime": "09:02:45.340000",
    "AcquisitionNumber": 1,
    "SliceThickness": 2.5,
    "SpacingBetweenSlices": 2.5,
    "SAR": 0.0720627,
    "EchoTime": 0.034,
    "RepetitionTime": 1.18,
    "FlipAngle": 65,
    "PartialFourier": 1,
    "BaseResolution": 82,
    "ShimSetting": [
        -1900,
        -11568,
        632,
        180,
        -111,
        -203,
        69,
        66
    ],
    "TxRefAmp": 255.373,
    "PhaseResolution": 1,
    "ReceiveCoilName": "HeadNeck_20",
    "ReceiveCoilActiveElements": "HE1-4;NE1,2",
    "PulseSequenceDetails": "%SiemensSeq%\\ep2d_bold",
    "RefLinesPE": 32,
    "CoilCombinationMethod": "Adaptive Combine",
    "ConsistencyInfo": "N4_VE11C_LATEST_20160120",
    "MultibandAccelerationFactor": 4,
    "PercentPhaseFOV": 100,
    "PercentSampling": 100,
    "EchoTrainLength": 82,
    "PhaseEncodingSteps": 82,
    "AcquisitionMatrixPE": 82,
    "ReconMatrixPE": 82,
    "BandwidthPerPixelPhaseEncode": 18.762,
    "EffectiveEchoSpacing": 0.000649991,
    "DerivedVendorReportedEchoSpacing": 0.000649991,
    "TotalReadoutTime": 0.0526492,
    "PixelBandwidth": 1850,
    "DwellTime": 3.3e-06,
    "PhaseEncodingDirection": "j-",
    "SliceTiming": [
        0.54,
        0,
        0.6175,
        0.075,
        0.695,
        0.1525,
        0.7725,
        0.23,
        0.85,
        0.3075,
        0.9275,
        0.385,
        1.005,
        0.4625,
        1.0825,
        0.54,
        0,
        0.6175,
        0.075,
        0.695,
        0.1525,
        0.7725,
        0.23,
        0.85,
        0.3075,
        0.9275,
        0.385,
        1.005,
        0.4625,
        1.0825,
        0.54,
        0,
        0.6175,
        0.075,
        0.695,
        0.1525,
        0.7725,
        0.23,
        0.85,
        0.3075,
        0.9275,
        0.385,
        1.005,
        0.4625,
        1.0825,
        0.54,
        0,
        0.6175,
        0.075,
        0.695,
        0.1525,
        0.7725,
        0.23,
        0.85,
        0.3075,
        0.9275,
        0.385,
        1.005,
        0.4625,
        1.0825
    ],
    "ImageOrientationPatientDICOM": [
        0.997522,
        0.0682409,
        -0.0171095,
        -0.0639824,
        0.981082,
        0.182711
    ],
    "ImageOrientationText": "Tra>Cor(10.4)>Sag(-1.7)",
    "InPlanePhaseEncodingDirectionDICOM": "COL",
    "BidsGuess": [
        "func",
        "_acq-epfid2m4_dir-AP_run-16_bold"
    ],
    "ConversionSoftware": "dcm2niix",
    "ConversionSoftwareVersion": "v1.0.20240202",
    "Dcm2bidsVersion": "3.2.0",
    "TaskName": "food_run-1"
}