{
    "Modality": "MR",
    "MagneticFieldStrength": 3,
    "ImagingFrequency": 123.260327,
    "Manufacturer": "Siemens",
    "ManufacturersModelName": "Prisma",
    "InstitutionName": "IDM_Hemholtz",
    "InstitutionalDepartmentName": "Department",
    "InstitutionAddress": "Geissweg 3,Tuebingen,District,DE,72076",
    "DeviceSerialNumber": "66038",
    "StationName": "AWP66038",
    "BodyPartExamined": "HEAD",
    "PatientPosition": "HFS",
    "ProcedureStepDescription": "MedPsych^NASAL_Intervention_1.Messtag",
    "SoftwareVersions": "syngo MR E11",
    "MRAcquisitionType": "3D",
    "SeriesDescription": "MPRAGE_grappa2",
    "ProtocolName": "T1w",
    "ScanningSequence": "GR\\IR",
    "SequenceVariant": "SK\\SP\\MP",
    "ScanOptions": "IR",
    "SequenceName": "*tfl3d1_16ns",
    "ImageType": [
        "ORIGINAL",
        "PRIMARY",
        "M",
        "ND",
        "NORM"
    ],
    "NonlinearGradientCorrection": false,
    "SeriesNumber": 10,
    "AcquisitionTime": "08:40:23.257500",
    "AcquisitionNumber": 1,
    "ImageComments": "Image quality: high",
    "SliceThickness": 1,
    "SAR": 0.0548913,
    "EchoTime": 0.00298,
    "RepetitionTime": 2.3,
    "SpoilingState": true,
    "InversionTime": 0.9,
    "FlipAngle": 9,
    "PartialFourier": 1,
    "BaseResolution": 256,
    "ShimSetting": [
        -1862,
        -11557,
        593,
        131,
        -87,
        -385,
        -9,
        -17
    ],
    "TxRefAmp": 234.325,
    "PhaseResolution": 1,
    "ReceiveCoilName": "HeadNeck_20",
    "ReceiveCoilActiveElements": "HE1-4",
    "PulseSequenceDetails": "%SiemensSeq%\\tfl",
    "RefLinesPE": 32,
    "CoilCombinationMethod": "Adaptive Combine",
    "ConsistencyInfo": "N4_VE11E_LATEST_20181129",
    "MatrixCoilMode": "GRAPPA",
    "PercentPhaseFOV": 96.875,
    "PercentSampling": 100,
    "PhaseEncodingSteps": 247,
    "AcquisitionMatrixPE": 248,
    "ReconMatrixPE": 248,
    "ParallelReductionFactorInPlane": 2,
    "PixelBandwidth": 240,
    "DwellTime": 8.2e-06,
    "ImageOrientationPatientDICOM": [
        -0.0308755,
        0.952275,
        0.303676,
        0.0947973,
        0.305241,
        -0.947545
    ],
    "ImageOrientationText": "Sag>Tra(-5.7)>Cor(-0.0)",
    "InPlanePhaseEncodingDirectionDICOM": "ROW",
    "BidsGuess": [
        "anat",
        "_acq-tfl3p2_run-10_T1w"
    ],
    "ConversionSoftware": "dcm2niix",
    "ConversionSoftwareVersion": "v1.0.20240202",
    "Dcm2bidsVersion": "3.2.0"
}