{
    "Modality": "MR",
    "MagneticFieldStrength": 3,
    "ImagingFrequency": 123.260191,
    "Manufacturer": "Siemens",
    "ManufacturersModelName": "Prisma",
    "InstitutionName": "Psychiatrie",
    "InstitutionalDepartmentName": "Department",
    "InstitutionAddress": "Geissweg 3,Tuebingen,District,DE,72076",
    "DeviceSerialNumber": "66038",
    "StationName": "AWP66038",
    "BodyPartExamined": "HEAD",
    "PatientPosition": "HFS",
    "ProcedureStepDescription": "MedPsych^NASAL_Intervention_1.Messtag",
    "SoftwareVersions": "syngo MR E11",
    "MRAcquisitionType": "2D",
    "SeriesDescription": "Food2_ep2d_bold_s4_2p5mm",
    "ProtocolName": "Food2_ep2d_bold_s4_2p5mm",
    "ScanningSequence": "EP",
    "SequenceVariant": "SK",
    "ScanOptions": "FS",
    "SequenceName": "*epfid2d1_82",
    "ImageType": [
        "ORIGINAL",
        "PRIMARY",
        "M",
        "ND",
        "NORM",
        "MOSAIC"
    ],
    "NonlinearGradientCorrection": false,
    "SeriesNumber": 17,
    "AcquisitionTime": "09:42:55.555000",
    "AcquisitionNumber": 1,
    "SliceThickness": 2.5,
    "SpacingBetweenSlices": 2.5,
    "SAR": 0.0607835,
    "EchoTime": 0.034,
    "RepetitionTime": 1.18,
    "FlipAngle": 65,
    "PartialFourier": 1,
    "BaseResolution": 82,
    "ShimSetting": [
        -1889,
        -11527,
        625,
        275,
        -89,
        -179,
        -45,
        74
    ],
    "TxRefAmp": 236.699,
    "PhaseResolution": 1,
    "ReceiveCoilName": "HeadNeck_20",
    "ReceiveCoilActiveElements": "HE1-4;NE1,2",
    "PulseSequenceDetails": "%SiemensSeq%\\ep2d_bold",
    "RefLinesPE": 32,
    "CoilCombinationMethod": "Adaptive Combine",
    "ConsistencyInfo": "N4_VE11E_LATEST_20181129",
    "MultibandAccelerationFactor": 4,
    "PercentPhaseFOV": 100,
    "PercentSampling": 100,
    "EchoTrainLength": 82,
    "PhaseEncodingSteps": 82,
    "AcquisitionMatrixPE": 82,
    "ReconMatrixPE": 82,
    "BandwidthPerPixelPhaseEncode": 18.762,
    "EffectiveEchoSpacing": 0.000649991,
    "DerivedVendorReportedEchoSpacing": 0.000649991,
    "TotalReadoutTime": 0.0526492,
    "PixelBandwidth": 1850,
    "DwellTime": 3.3e-06,
    "PhaseEncodingDirection": "j-",
    "SliceTiming": [
        0.5425,
        0,
        0.62,
        0.0775,
        0.6975,
        0.155,
        0.775,
        0.2325,
        0.85,
        0.31,
        0.9275,
        0.3875,
        1.005,
        0.465,
        1.0825,
        0.5425,
        0,
        0.62,
        0.0775,
        0.6975,
        0.155,
        0.775,
        0.2325,
        0.85,
        0.31,
        0.9275,
        0.3875,
        1.005,
        0.465,
        1.0825,
        0.5425,
        0,
        0.62,
        0.0775,
        0.6975,
        0.155,
        0.775,
        0.2325,
        0.85,
        0.31,
        0.9275,
        0.3875,
        1.005,
        0.465,
        1.0825,
        0.5425,
        0,
        0.62,
        0.0775,
        0.6975,
        0.155,
        0.775,
        0.2325,
        0.85,
        0.31,
        0.9275,
        0.3875,
        1.005,
        0.465,
        1.0825
    ],
    "ImageOrientationPatientDICOM": [
        0.999777,
        -0.0152912,
        -0.014536,
        0.0134368,
        0.992675,
        -0.120069
    ],
    "ImageOrientationText": "Tra>Cor(-6.9)>Sag(-0.9)",
    "InPlanePhaseEncodingDirectionDICOM": "COL",
    "BidsGuess": [
        "func",
        "_acq-epfid2m4_dir-AP_run-17_bold"
    ],
    "ConversionSoftware": "dcm2niix",
    "ConversionSoftwareVersion": "v1.0.20240202",
    "Dcm2bidsVersion": "3.2.0",
    "TaskName": "food_run-2"
}